GEM
  remote: https://rubygems.org/
  specs:
    ai4r (1.13)

PLATFORMS
  ruby

DEPENDENCIES
  ai4r

RUBY VERSION
   ruby 2.3.1p112

BUNDLED WITH
   1.13.6
